GEM
  remote: https://rubygems.org/
  specs:
    artii (2.0.4)
    faraday (0.9.0)
      multipart-post (>= 1.2, < 3)
    flippy (0.1.2)
      ruby-termios
      trollop
    http_router (0.11.1)
      rack (>= 1.0.0)
      url_mount (~> 0.2.1)
    i18n (0.6.9)
    ice_nine (0.11.0)
    json (1.8.1)
    lita (3.1.0)
      bundler (>= 1.3)
      faraday (>= 0.8.7)
      http_router (>= 0.11.1)
      i18n (>= 0.6.9)
      ice_nine (>= 0.11.0)
      multi_json (>= 1.7.7)
      puma (>= 2.7.1)
      rack (>= 1.5.2)
      redis-namespace (>= 1.3.0)
      thor (>= 0.18.1)
    lita-ascii-art (0.0.2)
      artii (>= 2.0.4)
      lita (>= 3.0.0)
    lita-google-images (1.0.4)
      lita (>= 2.0)
    lita-idobata (0.0.2)
      faraday (~> 0.9.0)
      lita (>= 2.5)
      pusher-client (~> 0.6.0)
    lita-pebbles (0.0.2)
      flippy (~> 0.1.2)
      lita (>= 2.0)
      pebbles-suddenly_death_string (~> 0.0.4)
    multi_json (1.9.2)
    multipart-post (2.0.0)
    pebbles-suddenly_death_string (0.0.4)
    puma (2.8.2)
      rack (>= 1.1, < 2.0)
    pusher-client (0.6.0)
      json
      websocket (~> 1.0)
    rack (1.5.2)
    redis (3.0.7)
    redis-namespace (1.4.1)
      redis (~> 3.0.4)
    ruby-termios (0.9.6)
    thor (0.19.1)
    trollop (2.0)
    url_mount (0.2.1)
      rack
    websocket (1.1.2)

PLATFORMS
  ruby

DEPENDENCIES
  lita
  lita-ascii-art
  lita-google-images
  lita-idobata
  lita-pebbles
