GIT
  remote: git://github.com/pusher/pusher-ruby-client.git
  revision: c430e3b2779250e51aa42d5bc28002d6e1d51178
  specs:
    pusher-client (0.5.0)
      json
      websocket (~> 1.0)

GEM
  remote: https://rubygems.org/
  specs:
    faraday (0.9.0)
      multipart-post (>= 1.2, < 3)
    http_router (0.11.1)
      rack (>= 1.0.0)
      url_mount (~> 0.2.1)
    i18n (0.6.9)
    ice_nine (0.11.0)
    json (1.8.1)
    lita (3.1.0)
      bundler (>= 1.3)
      faraday (>= 0.8.7)
      http_router (>= 0.11.1)
      i18n (>= 0.6.9)
      ice_nine (>= 0.11.0)
      multi_json (>= 1.7.7)
      puma (>= 2.7.1)
      rack (>= 1.5.2)
      redis-namespace (>= 1.3.0)
      thor (>= 0.18.1)
    lita-google-images (1.0.4)
      lita (>= 2.0)
    lita-idobata (0.0.1)
      faraday (~> 0.9.0)
      lita (>= 2.5)
      pusher-client (~> 0.5.0)
    multi_json (1.9.2)
    multipart-post (2.0.0)
    puma (2.8.2)
      rack (>= 1.1, < 2.0)
    rack (1.5.2)
    redis (3.0.7)
    redis-namespace (1.4.1)
      redis (~> 3.0.4)
    thor (0.19.1)
    url_mount (0.2.1)
      rack
    websocket (1.1.2)

PLATFORMS
  ruby

DEPENDENCIES
  lita
  lita-google-images
  lita-idobata
  pusher-client!
