GEM
  remote: https://rubygems.org/
  specs:
    activesupport (4.2.1)
      i18n (~> 0.7)
      json (~> 1.7, >= 1.7.7)
      minitest (~> 5.1)
      thread_safe (~> 0.3, >= 0.3.4)
      tzinfo (~> 1.1)
    artii (2.1.1)
    docomoru (0.1.3)
      activesupport
      faraday
      faraday_middleware
      json
      rack
      slop
    faraday (0.9.1)
      multipart-post (>= 1.2, < 3)
    faraday_middleware (0.9.1)
      faraday (>= 0.7.4, < 0.10)
    flippy (0.1.2)
      ruby-termios
      trollop
    http_router (0.11.1)
      rack (>= 1.0.0)
      url_mount (~> 0.2.1)
    i18n (0.7.0)
    ice_nine (0.11.1)
    json (1.8.2)
    lita (4.3.2)
      bundler (>= 1.3)
      faraday (>= 0.8.7)
      http_router (>= 0.11.1)
      i18n (>= 0.6.9)
      ice_nine (>= 0.11.0)
      multi_json (>= 1.7.7)
      puma (>= 2.7.1)
      rack (>= 1.5.2)
      rb-readline (>= 0.5.1)
      redis-namespace (>= 1.3.0)
      thor (>= 0.18.1)
    lita-ascii-art (0.0.3)
      artii (>= 2.0.4)
      lita (>= 3.0.0)
    lita-google-images (2.0.0)
      lita (>= 4.0)
    lita-idobata (0.2.4)
      faraday (~> 0.9.0)
      lita (>= 4.0)
      pusher-client (~> 0.6.0)
    lita-pebbles (0.1.9)
      flippy (~> 0.1.2)
      lita (>= 3.1)
      pebbles-suddenly_death_string (~> 0.0.4)
      rufus-scheduler (~> 3.0.7)
    lita-talk (0.1.5)
      docomoru (~> 0.1.3)
      lita (~> 4.3)
    minitest (5.7.0)
    multi_json (1.11.0)
    multipart-post (2.0.0)
    pebbles-suddenly_death_string (0.0.4)
    puma (2.11.3)
      rack (>= 1.1, < 2.0)
    pusher-client (0.6.2)
      json
      websocket (~> 1.0)
    rack (1.6.1)
    rb-readline (0.5.2)
    redis (3.2.1)
    redis-namespace (1.5.2)
      redis (~> 3.0, >= 3.0.4)
    ruby-termios (0.9.6)
    rufus-scheduler (3.0.9)
      tzinfo
    slop (4.1.0)
    thor (0.19.1)
    thread_safe (0.3.5)
    trollop (2.1.2)
    tzinfo (1.2.2)
      thread_safe (~> 0.1)
    url_mount (0.2.1)
      rack
    websocket (1.2.2)

PLATFORMS
  ruby

DEPENDENCIES
  lita
  lita-ascii-art
  lita-google-images
  lita-idobata
  lita-pebbles
  lita-talk
